PATH
  remote: .
  specs:
    graphql-cache (0.1.1)
      graphql (~> 1.8.0.pre10)

GEM
  remote: https://rubygems.org/
  specs:
    codeclimate-test-reporter (0.6.0)
      simplecov (>= 0.7.1, < 1.0.0)
    diff-lcs (1.3)
    docile (1.3.0)
    graphql (1.8.0.pre11)
    json (2.1.0)
    rake (10.5.0)
    rspec (3.7.0)
      rspec-core (~> 3.7.0)
      rspec-expectations (~> 3.7.0)
      rspec-mocks (~> 3.7.0)
    rspec-core (3.7.1)
      rspec-support (~> 3.7.0)
    rspec-expectations (3.7.0)
      diff-lcs (>= 1.2.0, < 2.0)
      rspec-support (~> 3.7.0)
    rspec-mocks (3.7.0)
      diff-lcs (>= 1.2.0, < 2.0)
      rspec-support (~> 3.7.0)
    rspec-support (3.7.1)
    simplecov (0.16.1)
      docile (~> 1.1)
      json (>= 1.8, < 3)
      simplecov-html (~> 0.10.0)
    simplecov-html (0.10.2)

PLATFORMS
  ruby

DEPENDENCIES
  bundler (~> 1.16)
  codeclimate-test-reporter
  graphql-cache!
  rake (~> 10.0)
  rspec (~> 3.0)
  simplecov

BUNDLED WITH
   1.16.1
